GIT
  remote: git://github.com/mfazekas/net-ssh.git
  revision: af8d73589b0fe990600ea9f4ce8a39fabc889ddc
  branch: ed25519-key
  specs:
    net-ssh (2.9.3.beta1)

GEM
  remote: https://rubygems.org/
  specs:
    capistrano (3.4.0)
      i18n
      rake (>= 10.0.0)
      sshkit (~> 1.3)
    colorize (0.7.7)
    ffi (1.9.10)
    i18n (0.7.0)
    net-scp (1.2.1)
      net-ssh (>= 2.6.5)
    rake (10.4.2)
    rbnacl (3.2.0)
      ffi
    rbnacl-libsodium (1.0.3)
      rbnacl (~> 3.0, >= 3.0.1)
    sshkit (1.7.1)
      colorize (>= 0.7.0)
      net-scp (>= 1.1.2)
      net-ssh (>= 2.8.0)

PLATFORMS
  ruby

DEPENDENCIES
  capistrano
  net-ssh!
  rbnacl-libsodium
